GEM
  remote: https://www.rubygems.org/
  specs:
    RedCloth (4.2.9)
    rake (10.1.1)
    rdoc (4.1.0)

PLATFORMS
  ruby

DEPENDENCIES
  RedCloth
  rake
  rdoc
